GEM
  remote: https://rubygems.org/
  specs:
    addressable (2.2.8)
    backports (3.1.0)
    coffee-script (2.2.0)
      coffee-script-source
      execjs
    coffee-script-source (1.6.1)
    data_objects (0.10.12)
      addressable (~> 2.1)
    dm-core (1.2.0)
      addressable (~> 2.2.6)
    dm-do-adapter (1.2.0)
      data_objects (~> 0.10.6)
      dm-core (~> 1.2.0)
    dm-migrations (1.2.0)
      dm-core (~> 1.2.0)
    dm-mysql-adapter (1.2.0)
      dm-do-adapter (~> 1.2.0)
      do_mysql (~> 0.10.6)
    dm-timestamps (1.2.0)
      dm-core (~> 1.2.0)
    do_mysql (0.10.12)
      data_objects (= 0.10.12)
    eventmachine (1.0.1)
    execjs (1.4.0)
      multi_json (~> 1.0)
    haml (4.0.0)
      tilt
    multi_json (1.6.1)
    rack (1.5.2)
    rack-protection (1.4.0)
      rack
    rack-test (0.6.2)
      rack (>= 1.0)
    sass (3.2.6)
    sinatra (1.3.5)
      rack (~> 1.4)
      rack-protection (~> 1.3)
      tilt (~> 1.3, >= 1.3.3)
    sinatra-contrib (1.3.2)
      backports (>= 2.0)
      eventmachine
      rack-protection
      rack-test
      sinatra (~> 1.3.0)
      tilt (~> 1.3)
    tilt (1.3.4)

PLATFORMS
  ruby

DEPENDENCIES
  coffee-script
  dm-core
  dm-migrations
  dm-mysql-adapter
  dm-timestamps
  haml
  sass
  sinatra
  sinatra-contrib
